GEM
  remote: https://rubygems.org/
  specs:
    builder (3.2.3)
    cucumber (2.4.0)
      builder (>= 2.1.2)
      cucumber-core (~> 1.5.0)
      cucumber-wire (~> 0.0.1)
      diff-lcs (>= 1.1.3)
      gherkin (~> 4.0)
      multi_json (>= 1.7.5, < 2.0)
      multi_test (>= 0.1.2)
    cucumber-core (1.5.0)
      gherkin (~> 4.0)
    cucumber-wire (0.0.1)
    diff-lcs (1.3)
    ffi (1.9.18-x86-mingw32)
    gherkin (4.1.3)
    magic_encoding (0.0.2)
    mini_magick (4.3.6)
    multi_json (1.12.2)
    multi_test (0.1.2)
    rautomation (0.17.0)
      ffi (~> 1.9.0)
    require_all (1.4.0)
    uia (0.6)
      ffi (~> 1.9.4)
      require_all
    win32-api (1.6.1.2-universal-mingw32)
    win32screenshot (2.1.0)
      ffi (~> 1.9.0)
      mini_magick (~> 4.3.0)
      rautomation (~> 0.7)

PLATFORMS
  x86-mingw32

DEPENDENCIES
  cucumber (~> 2.4.0)
  magic_encoding (~> 0.0.2)
  uia (~> 0.6)
  win32-api (~> 1.6.1.2)
  win32screenshot (~> 2.1.0)

BUNDLED WITH
   1.13.6
